PATH
  remote: .
  specs:
    mv_threads (0.0.3.1)

GEM
  remote: https://rubygems.org/
  specs:
    activemodel (4.2.1)
      activesupport (= 4.2.1)
      builder (~> 3.1)
    activerecord (4.2.1)
      activemodel (= 4.2.1)
      activesupport (= 4.2.1)
      arel (~> 6.0)
    activesupport (4.2.1)
      i18n (~> 0.7)
      json (~> 1.7, >= 1.7.7)
      minitest (~> 5.1)
      thread_safe (~> 0.3, >= 0.3.4)
      tzinfo (~> 1.1)
    arel (6.0.0)
    builder (3.2.2)
    faraday (0.9.1)
      multipart-post (>= 1.2, < 3)
    i18n (0.7.0)
    json (1.8.3)
    minitest (5.7.0)
    multipart-post (2.0.0)
    pg (0.17.1)
    pg (0.17.1-x64-mingw32)
    pg (0.17.1-x86-mingw32)
    rake (10.4.2)
    sentry-raven (0.12.3)
      faraday (>= 0.7.6)
    sqlite3 (1.3.8)
    sqlite3 (1.3.8-x64-mingw32)
    sqlite3 (1.3.8-x86-mingw32)
    thread_safe (0.3.5)
    tzinfo (1.2.2)
      thread_safe (~> 0.1)

PLATFORMS
  ruby
  x64-mingw32
  x86-mingw32

DEPENDENCIES
  activerecord (= 4.2.1)
  bundler (~> 1.5)
  mv_threads!
  pg
  rake
  sentry-raven
  sqlite3 (= 1.3.8)

BUNDLED WITH
   1.10.3
